GEM
  remote: http://rubygems.org/
  specs:
    ffi (1.0.11)
    guard (1.0.0)
      ffi (>= 0.5.0)
      thor (~> 0.14.6)
    guard-jasmine-node (0.0.5)
      guard (>= 0.4)
    thor (0.14.6)

PLATFORMS
  ruby

DEPENDENCIES
  guard
  guard-jasmine-node
